GEM
  remote: http://rubygems.org/
  specs:
    actionmailer (2.3.11)
      actionpack (= 2.3.11)
    actionpack (2.3.11)
      activesupport (= 2.3.11)
      rack (~> 1.1.0)
    activerecord (2.3.11)
      activesupport (= 2.3.11)
    activeresource (2.3.11)
      activesupport (= 2.3.11)
    activesupport (2.3.11)
    columnize (0.3.4)
    crypt-isaac (0.9.1)
    linecache (0.46)
      rbx-require-relative (> 0.0.4)
    mysql (2.8.1)
    rack (1.1.2)
    rails (2.3.11)
      actionmailer (= 2.3.11)
      actionpack (= 2.3.11)
      activerecord (= 2.3.11)
      activeresource (= 2.3.11)
      activesupport (= 2.3.11)
      rake (>= 0.8.3)
    rake (13.0.1)
    rbx-require-relative (0.0.5)
    rspec (1.3.0)
    rspec-rails (1.3.2)
      rack (>= 1.0.0)
      rspec (>= 1.3.0)
    ruby-debug (0.10.4)
      columnize (>= 0.1)
      ruby-debug-base (~> 0.10.4.0)
    ruby-debug-base (0.10.4)
      linecache (>= 0.3)
    spork (0.8.4)

PLATFORMS
  ruby

DEPENDENCIES
  crypt-isaac (= 0.9.1)
  mysql (= 2.8.1)
  rails (= 2.3.11)
  rspec (= 1.3.0)
  rspec-rails (= 1.3.2)
  ruby-debug
  spork (= 0.8.4)
